PATH
  remote: .
  specs:
    auth-logic (0.1.0)
      activemodel (>= 7.1)
      activerecord (>= 7.1)
      activesupport (>= 7.1)
      request_store (~> 1.5, >= 1.5.1)

GEM
  remote: https://rubygems.org/
  specs:
    activemodel (7.1.0)
      activesupport (= 7.1.0)
    activerecord (7.1.0)
      activemodel (= 7.1.0)
      activesupport (= 7.1.0)
      timeout (>= 0.4.0)
    activesupport (7.1.0)
      base64
      bigdecimal
      concurrent-ruby (~> 1.0, >= 1.0.2)
      connection_pool (>= 2.2.5)
      drb
      i18n (>= 1.6, < 2)
      minitest (>= 5.1)
      mutex_m
      tzinfo (~> 2.0)
    ansi (1.5.0)
    ast (2.4.2)
    base64 (0.1.1)
    bcrypt (3.1.19)
    bigdecimal (3.1.4)
    builder (3.2.4)
    byebug (11.1.3)
    concurrent-ruby (1.2.2)
    connection_pool (2.4.1)
    coveralls (0.8.23)
      json (>= 1.8, < 3)
      simplecov (~> 0.16.1)
      term-ansicolor (~> 1.3)
      thor (>= 0.19.4, < 2.0)
      tins (~> 1.6)
    docile (1.4.0)
    drb (2.1.1)
      ruby2_keywords
    ffi (1.16.3)
    ffi-compiler (1.0.1)
      ffi (>= 1.0.0)
      rake
    i18n (1.14.1)
      concurrent-ruby (~> 1.0)
    json (2.6.3)
    language_server-protocol (3.17.0.3)
    minitest (5.20.0)
    minitest-reporters (1.6.1)
      ansi
      builder
      minitest (>= 5.0)
      ruby-progressbar
    mutex_m (0.1.2)
    mysql2 (0.5.5)
    parallel (1.23.0)
    parser (3.2.2.4)
      ast (~> 2.4.1)
      racc
    pg (1.5.4)
    racc (1.7.1)
    rack (3.0.8)
    rainbow (3.1.1)
    rake (13.0.6)
    rbs (3.2.2)
    regexp_parser (2.8.1)
    request_store (1.5.1)
      rack (>= 1.4)
    rexml (3.2.6)
    rubocop (1.56.4)
      base64 (~> 0.1.1)
      json (~> 2.3)
      language_server-protocol (>= 3.17.0)
      parallel (~> 1.10)
      parser (>= 3.2.2.3)
      rainbow (>= 2.2.2, < 4.0)
      regexp_parser (>= 1.8, < 3.0)
      rexml (>= 3.2.5, < 4.0)
      rubocop-ast (>= 1.28.1, < 2.0)
      ruby-progressbar (~> 1.7)
      unicode-display_width (>= 2.4.0, < 3.0)
    rubocop-ast (1.29.0)
      parser (>= 3.2.1.0)
    rubocop-performance (1.19.1)
      rubocop (>= 1.7.0, < 2.0)
      rubocop-ast (>= 0.4.0)
    ruby-progressbar (1.13.0)
    ruby2_keywords (0.0.5)
    scrypt (3.0.7)
      ffi-compiler (>= 1.0, < 2.0)
    simplecov (0.16.1)
      docile (~> 1.1)
      json (>= 1.8, < 3)
      simplecov-html (~> 0.10.0)
    simplecov-console (0.9.1)
      ansi
      simplecov
      terminal-table
    simplecov-html (0.10.2)
    sqlite3 (1.6.6-x86_64-linux)
    sync (0.5.0)
    term-ansicolor (1.7.1)
      tins (~> 1.0)
    terminal-table (3.0.2)
      unicode-display_width (>= 1.1.1, < 3)
    thor (1.2.2)
    timecop (0.9.8)
    timeout (0.4.0)
    tins (1.32.1)
      sync
    tzinfo (2.0.6)
      concurrent-ruby (~> 1.0)
    unicode-display_width (2.5.0)

PLATFORMS
  x86_64-linux

DEPENDENCIES
  auth-logic!
  bcrypt (~> 3.1, >= 3.1.19)
  byebug (~> 11.1, >= 11.1.3)
  coveralls (~> 0.8.23)
  minitest (~> 5.0)
  minitest-reporters (~> 1.6, >= 1.6.1)
  mysql2 (~> 0.5.2)
  pg (~> 1.5, >= 1.5.4)
  rake (~> 13.0)
  rbs (~> 3.2, >= 3.2.2)
  rubocop (~> 1.21)
  rubocop-performance (~> 1.19, >= 1.19.1)
  scrypt (~> 3.0, >= 3.0.7)
  simplecov (~> 0.16.1)
  simplecov-console (~> 0.9.1)
  sqlite3 (~> 1.6, >= 1.6.6)
  timecop (~> 0.9.8)

BUNDLED WITH
   2.4.20
